GEM
  remote: http://rubygems.org/
  specs:
    bson (4.2.1)
    hobbit (0.6.1)
      rack
    hobbit-contrib (0.7.1)
      hobbit
    mimemagic (0.3.2)
    mongo (2.4.1)
      bson (>= 4.2.1, < 5.0.0)
    mote (1.2.0)
    rack (2.0.1)
    xxhash (0.3.0)

PLATFORMS
  ruby

DEPENDENCIES
  hobbit
  hobbit-contrib
  mimemagic
  mongo
  mote
  xxhash

RUBY VERSION
   ruby 2.3.3p222

BUNDLED WITH
   1.14.4
