GEM
  remote: http://rubygems.org/
  specs:
    bson (4.2.1)
    ffi (1.9.18)
    hobbit (0.6.1)
      rack
    hobbit-contrib (0.7.1)
      hobbit
    json (1.8.3)
    listen (3.1.5)
      rb-fsevent (~> 0.9, >= 0.9.4)
      rb-inotify (~> 0.9, >= 0.9.7)
      ruby_dep (~> 1.2)
    mimemagic (0.3.2)
    mongo (2.4.1)
      bson (>= 4.2.1, < 5.0.0)
    rack (2.0.1)
    rb-fsevent (0.9.8)
    rb-inotify (0.9.8)
      ffi (>= 0.5.0)
    rerun (0.11.0)
      listen (~> 3.0)
    ruby_dep (1.5.0)
    tilt (2.0.6)
    xxhash (0.3.0)

PLATFORMS
  ruby

DEPENDENCIES
  hobbit
  hobbit-contrib
  json
  mimemagic
  mongo
  rerun
  tilt
  xxhash

RUBY VERSION
   ruby 2.3.3p222

BUNDLED WITH
   1.14.4
